GIT
  remote: git://github.com/mongoid/mongoid.git
  revision: 93284ce6e1f658c3f57076af9a8e5dce96082dbb
  specs:
    mongoid (4.0.0)
      activemodel (~> 4.0.0.beta)
      moped (~> 1.4.2)
      origin (~> 1.0)
      tzinfo (~> 0.3.22)

GIT
  remote: git://github.com/rails/rails.git
  revision: ea3a1901371526ea67fd6736023857212bf6756c
  specs:
    actionmailer (4.0.0.beta1)
      actionpack (= 4.0.0.beta1)
      mail (~> 2.5.3)
    actionpack (4.0.0.beta1)
      activesupport (= 4.0.0.beta1)
      builder (~> 3.1.0)
      erubis (~> 2.7.0)
      rack (~> 1.5.2)
      rack-test (~> 0.6.2)
    activemodel (4.0.0.beta1)
      activesupport (= 4.0.0.beta1)
      builder (~> 3.1.0)
    activerecord (4.0.0.beta1)
      activemodel (= 4.0.0.beta1)
      activerecord-deprecated_finders (~> 0.0.3)
      activesupport (= 4.0.0.beta1)
      arel (~> 4.0.0.beta2)
    activesupport (4.0.0.beta1)
      i18n (~> 0.6, >= 0.6.4)
      minitest (~> 4.2)
      multi_json (~> 1.3)
      thread_safe (~> 0.1)
      tzinfo (~> 0.3.37)
    rails (4.0.0.beta1)
      actionmailer (= 4.0.0.beta1)
      actionpack (= 4.0.0.beta1)
      activerecord (= 4.0.0.beta1)
      activesupport (= 4.0.0.beta1)
      bundler (>= 1.3.0, < 2.0)
      railties (= 4.0.0.beta1)
      sprockets-rails (~> 2.0.0.rc3)
    railties (4.0.0.beta1)
      actionpack (= 4.0.0.beta1)
      activesupport (= 4.0.0.beta1)
      rake (>= 0.8.7)
      thor (>= 0.18.1, < 2.0)

GIT
  remote: git://github.com/indirect/haml-rails.git
  revision: 6b7a5dead27957aff853b6c82b81fc13543c1aeb
  specs:
    haml-rails (0.4)
      actionpack (>= 3.1, < 4.1)
      activesupport (>= 3.1, < 4.1)
      haml (>= 3.1, < 4.1)
      railties (>= 3.1, < 4.1)

GIT
  remote: git://github.com/plataformatec/devise.git
  revision: ce37c301ff91f0d59ff91715f0c36e0ee285fb11
  branch: rails4
  specs:
    devise (2.2.3)
      bcrypt-ruby (~> 3.0)
      orm_adapter (~> 0.1)
      railties (~> 4.0.0.beta)
      warden (~> 1.2.1)

GIT
  remote: git://github.com/plataformatec/simple_form.git
  revision: 9dca432fd48284c1cd413f6852ae85e42ddaa412
  specs:
    simple_form (3.0.0.beta1)
      actionpack (>= 4.0.0.beta, < 4.1)
      activemodel (>= 4.0.0.beta, < 4.1)

GEM
  remote: http://rubygems.org/
  specs:
    activerecord-deprecated_finders (0.0.3)
    addressable (2.3.3)
    arel (4.0.0.beta2)
    atomic (1.1.4)
    bcrypt-ruby (3.0.1)
    builder (3.1.4)
    coffee-rails (4.0.0.beta1)
      coffee-script (>= 2.2.0)
      railties (>= 4.0.0.beta, < 5.0)
    coffee-script (2.2.0)
      coffee-script-source
      execjs
    coffee-script-source (1.6.2)
    cookiejar (0.3.0)
    em-http-request (1.0.3)
      addressable (>= 2.2.3)
      cookiejar
      em-socksify
      eventmachine (>= 1.0.0.beta.4)
      http_parser.rb (>= 0.5.3)
    em-socksify (0.2.1)
      eventmachine (>= 1.0.0.beta.4)
    erubis (2.7.0)
    eventmachine (1.0.3)
    execjs (1.4.0)
      multi_json (~> 1.0)
    faye (0.8.9)
      cookiejar (>= 0.3.0)
      em-http-request (>= 0.3.0)
      eventmachine (>= 0.12.0)
      faye-websocket (>= 0.4.0)
      rack (>= 1.0.0)
      yajl-ruby (>= 1.0.0)
    faye-websocket (0.4.7)
      eventmachine (>= 0.12.0)
    haml (4.0.2)
      tilt
    hike (1.2.1)
    http_parser.rb (0.5.3)
    i18n (0.6.4)
    jbuilder (1.0.2)
      activesupport (>= 3.0.0)
    jquery-rails (2.2.1)
      railties (>= 3.0, < 5.0)
      thor (>= 0.14, < 2.0)
    json (1.7.7)
    kaminari (0.14.1)
      actionpack (>= 3.0.0)
      activesupport (>= 3.0.0)
    mail (2.5.3)
      i18n (>= 0.4.0)
      mime-types (~> 1.16)
      treetop (~> 1.4.8)
    mime-types (1.22)
    minitest (4.7.0)
    mongoid_taggable (1.1.1)
      mongoid (>= 3)
      rake
    moped (1.4.5)
    multi_json (1.7.2)
    origin (1.0.11)
    orm_adapter (0.4.0)
    polyglot (0.3.3)
    rack (1.5.2)
    rack-test (0.6.2)
      rack (>= 1.0)
    rake (10.0.4)
    rdoc (3.12.2)
      json (~> 1.4)
    sass (3.2.7)
    sass-rails (4.0.0.beta1)
      railties (>= 4.0.0.beta, < 5.0)
      sass (>= 3.1.10)
      sprockets-rails (~> 2.0.0.rc0)
      tilt (~> 1.3)
    sdoc (0.3.20)
      json (>= 1.1.3)
      rdoc (~> 3.10)
    sprockets (2.9.0)
      hike (~> 1.2)
      multi_json (~> 1.0)
      rack (~> 1.0)
      tilt (~> 1.1, != 1.3.0)
    sprockets-rails (2.0.0.rc3)
      actionpack (>= 3.0)
      activesupport (>= 3.0)
      sprockets (~> 2.8)
    thor (0.18.1)
    thread_safe (0.1.0)
      atomic
    tilt (1.3.6)
    treetop (1.4.12)
      polyglot
      polyglot (>= 0.3.1)
    turbolinks (1.1.1)
      coffee-rails
    tzinfo (0.3.37)
    uglifier (1.3.0)
      execjs (>= 0.3.0)
      multi_json (~> 1.0, >= 1.0.2)
    warden (1.2.1)
      rack (>= 1.0)
    yajl-ruby (1.1.0)

PLATFORMS
  ruby

DEPENDENCIES
  coffee-rails (~> 4.0.0.beta1)
  devise!
  faye
  haml-rails!
  jbuilder (~> 1.0.1)
  jquery-rails
  kaminari
  mongoid!
  mongoid_taggable
  rails!
  sass-rails (~> 4.0.0.beta1)
  sdoc
  simple_form!
  turbolinks
  uglifier (>= 1.3.0)
